{
    "AnatomicalLandmarkCoordinates": {
        "LPA": [
            10.916287545951718,
            123.17804807579981,
            105.70753038558811
        ],
        "NAS": [
            79.6629167103888,
            205.8515217060227,
            152.7264128617092
        ],
        "RPA": [
            147.3512297421334,
            123.1928234354383,
            109.35309960870813
        ]
    },
    "Modality": "MR",
    "MagneticFieldStrength": 3,
    "ImagingFrequency": 123.253,
    "Manufacturer": "Siemens",
    "ManufacturersModelName": "Prisma_fit",
    "InstitutionName": "NeuroSpin",
    "InstitutionalDepartmentName": "Department",
    "InstitutionAddress": "Street N306,SACLAY,IdF,FR,91400",
    "DeviceSerialNumber": "67069",
    "StationName": "MRCTRIO",
    "SeriesInstanceUID": "1.3.12.2.1107.5.2.43.67069.2019062513302829972468874.0.0.0",
    "StudyInstanceUID": "1.3.12.2.1107.5.2.43.67069.30000019062413005153200000013",
    "StudyID": "1",
    "BodyPartExamined": "BRAIN",
    "PatientPosition": "HFS",
    "ProcedureStepDescription": "Protocoles^MathLanguage",
    "SoftwareVersions": "syngo MR E11",
    "MRAcquisitionType": "3D",
    "SeriesDescription": "mprage_sag_T1_160sl",
    "ProtocolName": "mprage_sag_T1_160sl",
    "ScanningSequence": "GR\\IR",
    "SequenceVariant": "SK\\SP\\MP\\OSP",
    "ScanOptions": "IR\\PFP",
    "SequenceName": "*tfl3d1_16ns",
    "ImageType": [
        "ORIGINAL",
        "PRIMARY",
        "M",
        "ND",
        "NORM"
    ],
    "SeriesNumber": 16,
    "AcquisitionNumber": 1,
    "SliceThickness": 1,
    "SAR": 0.0607408,
    "EchoTime": 0.00298,
    "RepetitionTime": 2.3,
    "InversionTime": 0.9,
    "FlipAngle": 9,
    "PartialFourier": 0.875,
    "BaseResolution": 256,
    "ShimSetting": [
        -649,
        2356,
        -677,
        616,
        -18,
        -70,
        -132,
        -16
    ],
    "TxRefAmp": 230.91,
    "PhaseResolution": 0.96,
    "ReceiveCoilName": "HeadNeck_64",
    "ReceiveCoilActiveElements": "HC1-7;NC1,2",
    "PulseSequenceDetails": "%SiemensSeq%\\tfl",
    "ConsistencyInfo": "N4_VE11C_LATEST_20160120",
    "PercentPhaseFOV": 93.75,
    "PercentSampling": 96,
    "PhaseEncodingSteps": 202,
    "AcquisitionMatrixPE": 230,
    "PixelBandwidth": 240,
    "DwellTime": 8.2e-06,
    "ImageOrientationPatientDICOM": [
        0,
        1,
        0,
        0,
        0,
        -1
    ],
    "InPlanePhaseEncodingDirectionDICOM": "ROW",
    "ConversionSoftware": "dcm2niix",
    "ConversionSoftwareVersion": "v1.0.20211006"
}
