{
    "AnatomicalLandmarkCoordinates": {
        "LPA": [
            13.707388578900606,
            115.80792972349482,
            109.66352915282783
        ],
        "NAS": [
            72.47016157968821,
            203.55987675953338,
            144.25168916658606
        ],
        "RPA": [
            141.51482924846866,
            117.56331821055721,
            113.77938057836775
        ]
    },
    "Modality": "MR",
    "MagneticFieldStrength": 3,
    "ImagingFrequency": 123.255,
    "Manufacturer": "Siemens",
    "ManufacturersModelName": "Prisma_fit",
    "InstitutionName": "NeuroSpin",
    "InstitutionalDepartmentName": "Department",
    "InstitutionAddress": "Street N306,SACLAY,IdF,FR,91400",
    "DeviceSerialNumber": "67069",
    "StationName": "MRCTRIO",
    "SeriesInstanceUID": "1.3.12.2.1107.5.2.43.67069.2019052111284248672069650.0.0.0",
    "StudyInstanceUID": "1.3.12.2.1107.5.2.43.67069.30000019052008480177400000016",
    "StudyID": "1",
    "BodyPartExamined": "HEAD",
    "PatientPosition": "HFS",
    "ProcedureStepDescription": "Protocoles^Anat_MEG",
    "SoftwareVersions": "syngo MR E11",
    "MRAcquisitionType": "3D",
    "SeriesDescription": "mprage_sag_T1_160sl",
    "ProtocolName": "mprage_sag_T1_160sl",
    "ScanningSequence": "GR\\IR",
    "SequenceVariant": "SK\\SP\\MP\\OSP",
    "ScanOptions": "IR\\PFP",
    "SequenceName": "*tfl3d1_16ns",
    "ImageType": [
        "ORIGINAL",
        "PRIMARY",
        "M",
        "ND",
        "NORM"
    ],
    "SeriesNumber": 2,
    "AcquisitionNumber": 1,
    "SliceThickness": 1,
    "SAR": 0.0416715,
    "EchoTime": 0.00298,
    "RepetitionTime": 2.3,
    "InversionTime": 0.9,
    "FlipAngle": 9,
    "PartialFourier": 0.875,
    "BaseResolution": 256,
    "ShimSetting": [
        -649,
        2305,
        -851,
        144,
        6,
        -179,
        120,
        -41
    ],
    "TxRefAmp": 206.167,
    "PhaseResolution": 0.96,
    "ReceiveCoilName": "HeadNeck_64",
    "ReceiveCoilActiveElements": "HC1-7;NC1,2",
    "PulseSequenceDetails": "%SiemensSeq%\\tfl",
    "ConsistencyInfo": "N4_VE11C_LATEST_20160120",
    "PercentPhaseFOV": 93.75,
    "PercentSampling": 96,
    "PhaseEncodingSteps": 202,
    "AcquisitionMatrixPE": 230,
    "PixelBandwidth": 240,
    "DwellTime": 8.2e-06,
    "ImageOrientationPatientDICOM": [
        0,
        1,
        0,
        0,
        0,
        -1
    ],
    "InPlanePhaseEncodingDirectionDICOM": "ROW",
    "ConversionSoftware": "dcm2niix",
    "ConversionSoftwareVersion": "v1.0.20211006"
}
