{
    "AnatomicalLandmarkCoordinates": {
        "LPA": [
            5.13172560765733,
            105.37581541210331,
            112.13364350013185
        ],
        "NAS": [
            84.23226434630232,
            186.69802609686926,
            154.6464932270347
        ],
        "RPA": [
            151.7738889129991,
            100.80582355215326,
            106.31270042427934
        ]
    },
    "Modality": "MR",
    "MagneticFieldStrength": 3,
    "ImagingFrequency": 123.255,
    "Manufacturer": "Siemens",
    "ManufacturersModelName": "Prisma_fit",
    "InstitutionName": "NeuroSpin",
    "InstitutionalDepartmentName": "Department",
    "InstitutionAddress": "Street N306,SACLAY,IdF,FR,91400",
    "DeviceSerialNumber": "67069",
    "StationName": "MRCTRIO",
    "SeriesInstanceUID": "1.3.12.2.1107.5.2.43.67069.2019070310331435034103408.0.0.0",
    "StudyInstanceUID": "1.3.12.2.1107.5.2.43.67069.30000019070112402238800000022",
    "StudyID": "1",
    "BodyPartExamined": "SKULL",
    "PatientPosition": "HFS",
    "ProcedureStepDescription": "Protocoles^MathLanguage",
    "SoftwareVersions": "syngo MR E11",
    "MRAcquisitionType": "3D",
    "SeriesDescription": "mprage_sag_T1_160sl",
    "ProtocolName": "mprage_sag_T1_160sl",
    "ScanningSequence": "GR\\IR",
    "SequenceVariant": "SK\\SP\\MP\\OSP",
    "ScanOptions": "IR\\PFP",
    "SequenceName": "*tfl3d1_16ns",
    "ImageType": [
        "ORIGINAL",
        "PRIMARY",
        "M",
        "ND",
        "NORM"
    ],
    "SeriesNumber": 14,
    "AcquisitionNumber": 1,
    "SliceThickness": 1,
    "SAR": 0.0512785,
    "EchoTime": 0.00298,
    "RepetitionTime": 2.3,
    "InversionTime": 0.9,
    "FlipAngle": 9,
    "PartialFourier": 0.875,
    "BaseResolution": 256,
    "ShimSetting": [
        -628,
        2381,
        -732,
        503,
        42,
        -167,
        -80,
        -42
    ],
    "TxRefAmp": 257.037,
    "PhaseResolution": 0.96,
    "ReceiveCoilName": "HeadNeck_64",
    "ReceiveCoilActiveElements": "HC1-7;NC1,2",
    "PulseSequenceDetails": "%SiemensSeq%\\tfl",
    "ConsistencyInfo": "N4_VE11C_LATEST_20160120",
    "PercentPhaseFOV": 93.75,
    "PercentSampling": 96,
    "PhaseEncodingSteps": 202,
    "AcquisitionMatrixPE": 230,
    "PixelBandwidth": 240,
    "DwellTime": 8.2e-06,
    "ImageOrientationPatientDICOM": [
        0,
        1,
        0,
        0,
        0,
        -1
    ],
    "InPlanePhaseEncodingDirectionDICOM": "ROW",
    "ConversionSoftware": "dcm2niix",
    "ConversionSoftwareVersion": "v1.0.20211006"
}
