{
    "AnatomicalLandmarkCoordinates": {
        "LPA": [
            11.819404879342443,
            102.2503330169426,
            104.33781497445307
        ],
        "NAS": [
            80.06035468275702,
            194.43648998346316,
            142.519524561519
        ],
        "RPA": [
            143.6605503479841,
            101.66570172757129,
            108.079825134835
        ]
    },
    "Modality": "MR",
    "MagneticFieldStrength": 3,
    "ImagingFrequency": 123.255,
    "Manufacturer": "Siemens",
    "ManufacturersModelName": "Prisma_fit",
    "InstitutionName": "NeuroSpin",
    "InstitutionalDepartmentName": "Department",
    "InstitutionAddress": "Street N306,SACLAY,IdF,FR,91400",
    "DeviceSerialNumber": "67069",
    "StationName": "MRCTRIO",
    "SeriesInstanceUID": "1.3.12.2.1107.5.2.43.67069.2018070412245447192056975.0.0.0",
    "StudyInstanceUID": "1.3.12.2.1107.5.2.43.67069.30000018070307091590100000010",
    "StudyID": "1",
    "BodyPartExamined": "HEAD",
    "PatientPosition": "HFS",
    "ProcedureStepDescription": "Protocoles^Math_Learn",
    "SoftwareVersions": "syngo MR E11",
    "MRAcquisitionType": "3D",
    "SeriesDescription": "mprage_sag_T1_160sl",
    "ProtocolName": "mprage_sag_T1_160sl",
    "ScanningSequence": "GR\\IR",
    "SequenceVariant": "SK\\SP\\MP\\OSP",
    "ScanOptions": "IR\\PFP",
    "SequenceName": "*tfl3d1_16ns",
    "ImageType": [
        "ORIGINAL",
        "PRIMARY",
        "M",
        "ND",
        "NORM"
    ],
    "SeriesNumber": 2,
    "AcquisitionNumber": 1,
    "SliceThickness": 1,
    "SAR": 0.0424937,
    "EchoTime": 0.00298,
    "RepetitionTime": 2.3,
    "InversionTime": 0.9,
    "FlipAngle": 9,
    "PartialFourier": 0.875,
    "BaseResolution": 256,
    "ShimSetting": [
        -646,
        2377,
        -706,
        715,
        9,
        185,
        -5,
        11
    ],
    "TxRefAmp": 210.628,
    "PhaseResolution": 0.96,
    "ReceiveCoilName": "HeadNeck_64",
    "ReceiveCoilActiveElements": "HC1-7;NC1,2",
    "PulseSequenceDetails": "%SiemensSeq%\\tfl",
    "ConsistencyInfo": "N4_VE11C_LATEST_20160120",
    "PercentPhaseFOV": 93.75,
    "PercentSampling": 96,
    "PhaseEncodingSteps": 202,
    "AcquisitionMatrixPE": 230,
    "PixelBandwidth": 240,
    "DwellTime": 8.2e-06,
    "ImageOrientationPatientDICOM": [
        0,
        1,
        0,
        0,
        0,
        -1
    ],
    "InPlanePhaseEncodingDirectionDICOM": "ROW",
    "ConversionSoftware": "dcm2niix",
    "ConversionSoftwareVersion": "v1.0.20211006"
}
