{
    "TaskName": "tiwm",
    "Manufacturer": "Elekta",
    "PowerLineFrequency": 50.0,
    "SamplingFrequency": 1000.0,
    "SoftwareFilters": {
        "SpatialCompensation": {
            "GradientOrder": 0
        }
    },
    "RecordingDuration": 605.999,
    "RecordingType": "continuous",
    "DewarPosition": "n/a",
    "DigitizedLandmarks": true,
    "DigitizedHeadPoints": true,
    "MEGChannelCount": 306,
    "MEGREFChannelCount": 0,
    "ContinuousHeadLocalization": true,
    "HeadCoilFrequency": [
        293.0,
        307.0,
        314.0,
        321.0
    ],
    "AssociatedEmptyRoom": "sub-emptyroom/ses-19230325/meg/sub-emptyroom_ses-19230325_task-noise_meg.fif",
    "EEGChannelCount": 0,
    "EOGChannelCount": 2,
    "ECGChannelCount": 1,
    "EMGChannelCount": 0,
    "MiscChannelCount": 0,
    "TriggerChannelCount": 19
}
